GEM
  remote: https://rubygems.org/
  specs:
    mixlib-shellout (1.4.0)
    rainbow (2.0.0)
    rake (10.3.1)

PLATFORMS
  ruby

DEPENDENCIES
  mixlib-shellout (~> 1.4.0)
  rainbow (~> 2.0.0)
  rake (~> 10.3.1)
